GEM
  specs:
    POpen4 (0.1.4)
      Platform (>= 0.4.0)
      open4
    Platform (0.4.0)
    execjs (1.3.0)
      multi_json (~> 1.0)
    jammit (0.6.5)
      yui-compressor (>= 0.9.3)
    multi_json (1.3.2)
    open4 (1.3.0)
    rake (0.9.2.2)
    uglifier (1.2.4)
      execjs (>= 0.3.0)
      multi_json (>= 1.0.2)
    yui-compressor (0.9.6)
      POpen4 (>= 0.1.4)

PLATFORMS
  ruby

DEPENDENCIES
  jammit
  rake
  uglifier
